GIT
  remote: https://github.com/AnimaGUS-minerva/ruby_ecdsa.git
  revision: a04e039ec483fc4aaeb671618258c8ceb4200ac5
  branch: ecdsa_interface_openssl
  specs:
    ecdsa (1.3.0)

PATH
  remote: ../minerva/ruby-openssl
  specs:
    openssl (2.2.0.pre.mcr1)
      ipaddr

GEM
  remote: https://rubygems.org/
  specs:
    activesupport (5.2.0)
      concurrent-ruby (~> 1.0, >= 1.0.2)
      i18n (>= 0.7, < 2)
      minitest (~> 5.1)
      tzinfo (~> 1.1)
    byebug (10.0.2)
    cbor (0.5.9.2)
    cbor-diag (0.5.3)
      json
      treetop (~> 1)
    concurrent-ruby (1.0.5)
    diff-lcs (1.3)
    ffi (1.9.25)
    i18n (1.0.1)
      concurrent-ruby (~> 1.0)
    ipaddr (1.2.2)
    json (2.1.0)
    jwt (2.1.0)
    minitest (5.11.3)
    polyglot (0.3.5)
    rake (12.3.1)
    rbnacl (4.0.2)
      ffi
    rbnacl-libsodium (1.0.16)
      rbnacl (>= 3.0.1)
    rspec (3.7.0)
      rspec-core (~> 3.7.0)
      rspec-expectations (~> 3.7.0)
      rspec-mocks (~> 3.7.0)
    rspec-core (3.7.1)
      rspec-support (~> 3.7.0)
    rspec-expectations (3.7.0)
      diff-lcs (>= 1.2.0, < 2.0)
      rspec-support (~> 3.7.0)
    rspec-mocks (3.7.0)
      diff-lcs (>= 1.2.0, < 2.0)
      rspec-support (~> 3.7.0)
    rspec-support (3.7.1)
    rspec_junit_formatter (0.3.0)
      rspec-core (>= 2, < 4, != 2.12.0)
    thread_safe (0.3.6)
    treetop (1.6.10)
      polyglot (~> 0.3)
    tzinfo (1.2.5)
      thread_safe (~> 0.1)

PLATFORMS
  ruby

DEPENDENCIES
  activesupport
  byebug
  cbor (~> 0.5.9.2)
  cbor-diag
  ecdsa!
  json
  jwt
  openssl!
  rake
  rbnacl (< 5.0.0)
  rbnacl-libsodium
  rspec
  rspec-core
  rspec_junit_formatter

BUNDLED WITH
   1.16.6
