GIT
  remote: https://github.com/AnimaGUS-minerva/ruby_ecdsa.git
  revision: 64eb588befbf65fe58209d20d5a12da646077c5b
  branch: ecdsa_interface_openssl
  specs:
    ecdsa (1.3.0)

PATH
  remote: ../minerva/ruby-openssl
  specs:
    openssl (2.2.0.pre.mcr1)
      ipaddr

GEM
  remote: https://rubygems.org/
  specs:
    activesupport (5.2.4.3)
      concurrent-ruby (~> 1.0, >= 1.0.2)
      i18n (>= 0.7, < 2)
      minitest (~> 5.1)
      tzinfo (~> 1.1)
    byebug (11.1.3)
    cbor (0.5.9.6)
    cbor-diag (0.5.6)
      json
      neatjson
      treetop (~> 1)
    concurrent-ruby (1.1.7)
    diff-lcs (1.4.4)
    ffi (1.13.1)
    i18n (1.8.5)
      concurrent-ruby (~> 1.0)
    ipaddr (1.2.2)
    json (2.3.1)
    jwt (2.2.2)
    minitest (5.14.1)
    neatjson (0.9)
    polyglot (0.3.5)
    rake (13.0.1)
    rbnacl (4.0.2)
      ffi
    rbnacl-libsodium (1.0.16)
      rbnacl (>= 3.0.1)
    rspec (3.9.0)
      rspec-core (~> 3.9.0)
      rspec-expectations (~> 3.9.0)
      rspec-mocks (~> 3.9.0)
    rspec-core (3.9.2)
      rspec-support (~> 3.9.3)
    rspec-expectations (3.9.2)
      diff-lcs (>= 1.2.0, < 2.0)
      rspec-support (~> 3.9.0)
    rspec-mocks (3.9.1)
      diff-lcs (>= 1.2.0, < 2.0)
      rspec-support (~> 3.9.0)
    rspec-support (3.9.3)
    rspec_junit_formatter (0.4.1)
      rspec-core (>= 2, < 4, != 2.12.0)
    thread_safe (0.3.6)
    treetop (1.6.10)
      polyglot (~> 0.3)
    tzinfo (1.2.7)
      thread_safe (~> 0.1)

PLATFORMS
  ruby

DEPENDENCIES
  activesupport (~> 5.2.0)
  byebug
  cbor (~> 0.5.9.2)
  cbor-diag
  ecdsa!
  json
  jwt
  openssl!
  rake
  rbnacl (< 5.0.0)
  rbnacl-libsodium
  rspec
  rspec-core
  rspec_junit_formatter
  tzinfo (~> 1.2.5)

BUNDLED WITH
   1.17.3
