GEM
  remote: https://rubygems.org/
  specs:
    byebug (8.2.4)
    cbor (0.5.9.2)
    cbor-diag (0.2.5)
      json (~> 1)
      treetop (~> 1)
    diff-lcs (1.2.5)
    ecdsa (1.2.0)
    ffi (1.9.18)
    json (1.8.6)
    polyglot (0.3.5)
    rbnacl (4.0.2)
      ffi
    rspec (3.4.0)
      rspec-core (~> 3.4.0)
      rspec-expectations (~> 3.4.0)
      rspec-mocks (~> 3.4.0)
    rspec-core (3.4.4)
      rspec-support (~> 3.4.0)
    rspec-expectations (3.4.0)
      diff-lcs (>= 1.2.0, < 2.0)
      rspec-support (~> 3.4.0)
    rspec-mocks (3.4.1)
      diff-lcs (>= 1.2.0, < 2.0)
      rspec-support (~> 3.4.0)
    rspec-support (3.4.1)
    treetop (1.6.8)
      polyglot (~> 0.3)

PLATFORMS
  ruby

DEPENDENCIES
  byebug
  cbor (~> 0.5.9.2)
  cbor-diag
  ecdsa
  rbnacl
  rspec
  rspec-core

BUNDLED WITH
   1.15.0
