GIT
  remote: https://github.com/AnimaGUS-minerva/cbor-diag
  revision: 5f25aa314484f8bbec1f45f4e1011e164c45aa76
  branch: put-pretty-extract-into-library
  specs:
    cbor-diag (0.7.6)
      cbor-canonical
      cbor-deterministic
      cbor-packed
      json
      neatjson
      treetop (~> 1)

GIT
  remote: https://github.com/AnimaGUS-minerva/ruby_ecdsa.git
  revision: 64eb588befbf65fe58209d20d5a12da646077c5b
  branch: ecdsa_interface_openssl
  specs:
    ecdsa (1.3.0)

PATH
  remote: ../minerva/ruby-openssl
  specs:
    openssl (2.2.0.pre.mcr1)

GEM
  remote: https://rubygems.org/
  specs:
    activesupport (6.1.7.3)
      concurrent-ruby (~> 1.0, >= 1.0.2)
      i18n (>= 1.6, < 2)
      minitest (>= 5.1)
      tzinfo (~> 2.0)
      zeitwerk (~> 2.3)
    byebug (11.1.3)
    cbor (0.5.9.6)
    cbor-canonical (0.1.2)
    cbor-deterministic (0.1.3)
    cbor-packed (0.1.5)
    concurrent-ruby (1.2.2)
    diff-lcs (1.4.4)
    ffi (1.13.1)
    i18n (1.13.0)
      concurrent-ruby (~> 1.0)
    json (2.6.2)
    jwt (2.2.2)
    minitest (5.18.0)
    neatjson (0.9)
    polyglot (0.3.5)
    rake (13.0.1)
    rbnacl (4.0.2)
      ffi
    rbnacl-libsodium (1.0.16)
      rbnacl (>= 3.0.1)
    rspec (3.9.0)
      rspec-core (~> 3.9.0)
      rspec-expectations (~> 3.9.0)
      rspec-mocks (~> 3.9.0)
    rspec-core (3.9.2)
      rspec-support (~> 3.9.3)
    rspec-expectations (3.9.2)
      diff-lcs (>= 1.2.0, < 2.0)
      rspec-support (~> 3.9.0)
    rspec-mocks (3.9.1)
      diff-lcs (>= 1.2.0, < 2.0)
      rspec-support (~> 3.9.0)
    rspec-support (3.9.3)
    rspec_junit_formatter (0.4.1)
      rspec-core (>= 2, < 4, != 2.12.0)
    treetop (1.6.11)
      polyglot (~> 0.3)
    tzinfo (2.0.6)
      concurrent-ruby (~> 1.0)
    zeitwerk (2.6.8)

PLATFORMS
  ruby

DEPENDENCIES
  activesupport (~> 6.1.7.1)
  byebug
  cbor (~> 0.5.9.2)
  cbor-diag!
  ecdsa!
  json
  jwt
  openssl!
  rake
  rbnacl (< 5.0.0)
  rbnacl-libsodium
  rspec
  rspec-core
  rspec_junit_formatter
  tzinfo (~> 2.0)

BUNDLED WITH
   1.17.3
