GEM
  remote: https://rubygems.org/
  specs:
    activesupport (5.1.1)
      concurrent-ruby (~> 1.0, >= 1.0.2)
      i18n (~> 0.7)
      minitest (~> 5.1)
      tzinfo (~> 1.1)
    byebug (8.2.4)
    cbor (0.5.9.2)
    cbor-diag (0.2.5)
      json (~> 1)
      treetop (~> 1)
    concurrent-ruby (1.0.5)
    diff-lcs (1.2.5)
    ecdsa (1.2.0)
    ffi (1.9.18)
    i18n (0.8.6)
    json (1.8.6)
    jwt (1.5.6)
    minitest (5.10.3)
    openssl (2.0.3)
    polyglot (0.3.5)
    rbnacl (4.0.2)
      ffi
    rspec (3.4.0)
      rspec-core (~> 3.4.0)
      rspec-expectations (~> 3.4.0)
      rspec-mocks (~> 3.4.0)
    rspec-core (3.4.4)
      rspec-support (~> 3.4.0)
    rspec-expectations (3.4.0)
      diff-lcs (>= 1.2.0, < 2.0)
      rspec-support (~> 3.4.0)
    rspec-mocks (3.4.1)
      diff-lcs (>= 1.2.0, < 2.0)
      rspec-support (~> 3.4.0)
    rspec-support (3.4.1)
    thread_safe (0.3.6)
    treetop (1.6.8)
      polyglot (~> 0.3)
    tzinfo (1.2.3)
      thread_safe (~> 0.1)

PLATFORMS
  ruby

DEPENDENCIES
  activesupport
  byebug
  cbor (~> 0.5.9.2)
  cbor-diag
  ecdsa
  json
  jwt
  openssl
  rbnacl
  rspec
  rspec-core

BUNDLED WITH
   1.15.4
